PATH
  remote: .
  specs:
    lokap-composite (0.0.1)

GEM
  remote: https://rubygems.org/
  specs:
    minitest (5.16.3)
    rake (13.0.6)

PLATFORMS
  arm64-darwin-21

DEPENDENCIES
  lokap-composite!
  minitest (~> 5.0)
  rake (~> 13.0)

BUNDLED WITH
   2.3.21
